GEM
  remote: https://rubygems.org/
  specs:
    activemodel (4.1.4)
      activesupport (= 4.1.4)
      builder (~> 3.1)
    activerecord (4.1.4)
      activemodel (= 4.1.4)
      activesupport (= 4.1.4)
      arel (~> 5.0.0)
    activesupport (4.1.4)
      i18n (~> 0.6, >= 0.6.9)
      json (~> 1.7, >= 1.7.7)
      minitest (~> 5.1)
      thread_safe (~> 0.1)
      tzinfo (~> 1.1)
    arel (5.0.1.20140414130214)
    backports (3.6.0)
    bcrypt (3.1.7)
    builder (3.2.2)
    crass (0.2.1)
    curb (0.8.6)
    database_cleaner (1.3.0)
    feedjira (1.3.1)
      curb (~> 0.8.1)
      loofah (~> 2.0.0)
      sax-machine (~> 0.2.1)
    i18n (0.6.11)
    jsmin (1.0.1)
    json (1.8.1)
    kgio (2.9.2)
    loofah (2.0.0)
      nokogiri (>= 1.5.9)
    metaclass (0.0.4)
    mini_portile (0.6.0)
    minitest (5.4.0)
    mocha (1.1.0)
      metaclass (~> 0.0.1)
    multi_json (1.10.1)
    nokogiri (1.6.3.1)
      mini_portile (= 0.6.0)
    nokogumbo (1.1.9)
      nokogiri
    pg (0.17.1)
    rack (1.5.2)
    rack-protection (1.5.3)
      rack
    rack-test (0.6.2)
      rack (>= 1.0)
    raindrops (0.13.0)
    rake (10.3.2)
    sanitize (3.0.0)
      crass (~> 0.2.0)
      nokogiri (>= 1.4.4)
      nokogumbo (= 1.1.9)
    sax-machine (0.2.1)
      nokogiri (~> 1.6.0)
    sinatra (1.4.5)
      rack (~> 1.4)
      rack-protection (~> 1.4)
      tilt (~> 1.3, >= 1.3.4)
    sinatra-activerecord (2.0.2)
      activerecord (>= 3.2)
      sinatra (~> 1.0)
    sinatra-assetpack (0.3.3)
      jsmin
      rack-test
      sinatra
      tilt (>= 1.3.0, < 2.0)
    sinatra-contrib (1.4.2)
      backports (>= 2.0)
      multi_json
      rack-protection
      rack-test
      sinatra (~> 1.4.0)
      tilt (~> 1.3)
    sinatra-flash (0.3.0)
      sinatra (>= 1.0.0)
    sqlite3 (1.3.9)
    thread_safe (0.3.4)
    tilt (1.4.1)
    tzinfo (1.2.2)
      thread_safe (~> 0.1)
    unicorn (4.8.3)
      kgio (~> 2.6)
      rack
      raindrops (~> 0.7)
    will_paginate (3.0.7)
    will_paginate-bootstrap (1.0.1)
      will_paginate (>= 3.0.3)

PLATFORMS
  ruby

DEPENDENCIES
  activerecord (~> 4.1)
  bcrypt (~> 3.1.7)
  database_cleaner (~> 1.3.0)
  feedjira (~> 1.3.1)
  i18n (~> 0.6.11)
  mocha (~> 1.1.0)
  nokogiri (~> 1.6.3.1)
  pg (~> 0.17.1)
  rake (~> 10.3.2)
  sanitize (~> 3.0.0)
  sinatra (~> 1.4.5)
  sinatra-activerecord (~> 2.0.2)
  sinatra-assetpack (~> 0.3.3)
  sinatra-contrib (~> 1.4.2)
  sinatra-flash (~> 0.3.0)
  sqlite3 (~> 1.3.9)
  unicorn (~> 4.8)
  will_paginate (~> 3.0.7)
  will_paginate-bootstrap (~> 1.0.1)
