GEM
  remote: https://rubygems.org/
  specs:
    activemodel (4.2.8)
      activesupport (= 4.2.8)
      builder (~> 3.1)
    activerecord (4.2.8)
      activemodel (= 4.2.8)
      activesupport (= 4.2.8)
      arel (~> 6.0)
    activesupport (4.2.8)
      i18n (~> 0.7)
      minitest (~> 5.1)
      thread_safe (~> 0.3, >= 0.3.4)
      tzinfo (~> 1.1)
    arel (6.0.4)
    backports (3.6.8)
    bcrypt (3.1.11)
    builder (3.2.3)
    codeclimate-test-reporter (1.0.7)
      simplecov
    curb (0.9.3)
    database_cleaner (1.3.0)
    docile (1.1.5)
    feedjira (1.6.0)
      curb (~> 0.8)
      loofah (~> 2.0)
      sax-machine (~> 1.0)
    i18n (0.7.0)
    jsmin (1.0.1)
    json (2.0.3)
    kgio (2.11.0)
    loofah (2.0.3)
      nokogiri (>= 1.5.9)
    metaclass (0.0.4)
    mini_portile2 (2.1.0)
    minitest (5.10.1)
    mocha (1.1.0)
      metaclass (~> 0.0.1)
    multi_json (1.12.1)
    nokogiri (1.7.0.1)
      mini_portile2 (~> 2.1.0)
    pg (0.17.1)
    rack (1.6.5)
    rack-protection (1.5.3)
      rack
    rack-test (0.6.3)
      rack (>= 1.0)
    raindrops (0.17.0)
    rake (12.0.0)
    sax-machine (1.3.2)
    simplecov (0.13.0)
      docile (~> 1.1.0)
      json (>= 1.8, < 3)
      simplecov-html (~> 0.10.0)
    simplecov-html (0.10.0)
    sinatra (1.4.8)
      rack (~> 1.5)
      rack-protection (~> 1.4)
      tilt (>= 1.3, < 3)
    sinatra-activerecord (2.0.12)
      activerecord (>= 3.2)
      sinatra (>= 1.0)
    sinatra-assetpack (0.3.5)
      jsmin
      rack-test
      sinatra
      tilt (>= 1.3.0, < 2.0)
    sinatra-contrib (1.4.7)
      backports (>= 2.0)
      multi_json
      rack-protection
      rack-test
      sinatra (~> 1.4.0)
      tilt (>= 1.3, < 3)
    sinatra-flash (0.3.0)
      sinatra (>= 1.0.0)
    sqlite3 (1.3.13)
    thread_safe (0.3.6)
    tilt (1.4.1)
    tzinfo (1.2.2)
      thread_safe (~> 0.1)
    unicorn (5.2.0)
      kgio (~> 2.6)
      raindrops (~> 0.7)
    will_paginate (3.1.5)
    will_paginate-bootstrap (1.0.1)
      will_paginate (>= 3.0.3)

PLATFORMS
  ruby

DEPENDENCIES
  activerecord (~> 4.2.8)
  bcrypt (~> 3.1.9)
  codeclimate-test-reporter
  database_cleaner (~> 1.3.0)
  feedjira (~> 1.6.0)
  i18n (~> 0.7.0)
  loofah
  mocha (~> 1.1.0)
  nokogiri (~> 1.7.0.1)
  pg (~> 0.17.1)
  rake
  simplecov
  sinatra (~> 1.4.5)
  sinatra-activerecord (~> 2.0.4)
  sinatra-assetpack (~> 0.3.3)
  sinatra-contrib (~> 1.4.2)
  sinatra-flash (~> 0.3.0)
  sqlite3 (~> 1.3.9)
  unicorn (~> 5.2)
  will_paginate (~> 3.1.5)
  will_paginate-bootstrap (~> 1.0.1)

BUNDLED WITH
   1.14.6
